GEM
  remote: https://rubygems.org/
  specs:
    jruby-jars (10.0.0.1)
    jruby-rack (1.2.3)
    rake (13.3.0)
    rubyzip (1.3.0)
    warbler (2.0.5)
      jruby-jars (>= 9.0.0.0)
      jruby-rack (>= 1.1.1, < 1.3)
      rake (>= 10.1.0)
      rubyzip (~> 1.0, < 1.4)

PLATFORMS
  universal-java-19
  universal-java-21

DEPENDENCIES
  warbler

BUNDLED WITH
   2.3.26
